PATH
  remote: .
  specs:
    html_to_plain_text (1.0.5)
      nokogiri (>= 1.4.0)

GEM
  remote: http://rubygems.org/
  specs:
    bump (0.5.2)
    byebug (8.2.1)
    diff-lcs (1.2.5)
    mini_portile (0.6.2)
    nokogiri (1.6.6.2)
      mini_portile (~> 0.6.0)
    rake (0.9.2)
    rspec (3.3.0)
      rspec-core (~> 3.3.0)
      rspec-expectations (~> 3.3.0)
      rspec-mocks (~> 3.3.0)
    rspec-core (3.3.2)
      rspec-support (~> 3.3.0)
    rspec-expectations (3.3.1)
      diff-lcs (>= 1.2.0, < 2.0)
      rspec-support (~> 3.3.0)
    rspec-mocks (3.3.2)
      diff-lcs (>= 1.2.0, < 2.0)
      rspec-support (~> 3.3.0)
    rspec-support (3.3.0)

PLATFORMS
  ruby

DEPENDENCIES
  bump
  byebug
  html_to_plain_text!
  rake
  rspec (> 2.6.0)

BUNDLED WITH
   1.10.6
